PATH
  remote: .
  specs:
    watchman (0.0.2)
      mechanize

GEM
  remote: http://rubygems.org/
  specs:
    diff-lcs (1.1.2)
    fakeweb (1.3.0)
    mechanize (1.0.0)
      nokogiri (>= 1.2.1)
    nokogiri (1.4.4)
    rspec (2.3.0)
      rspec-core (~> 2.3.0)
      rspec-expectations (~> 2.3.0)
      rspec-mocks (~> 2.3.0)
    rspec-core (2.3.1)
    rspec-expectations (2.3.0)
      diff-lcs (~> 1.1.2)
    rspec-mocks (2.3.0)

PLATFORMS
  ruby

DEPENDENCIES
  bundler (>= 1.0.0.rc.6)
  fakeweb
  mechanize
  rspec (>= 2.3.0)
  watchman!
